PATH
  remote: .
  specs:
    what_should_i_eat (0.1.0)

GEM
  remote: https://rubygems.org/
  specs:
    rake (10.4.2)

PLATFORMS
  ruby

DEPENDENCIES
  bundler (~> 1.16)
  rake (~> 10.0)
  what_should_i_eat!

BUNDLED WITH
   1.16.3
